PATH
  remote: .
  specs:
    breakoutroom2 (0.1.0)

GEM
  remote: https://rubygems.org/
  specs:
    rake (12.3.3)

PLATFORMS
  ruby

DEPENDENCIES
  breakoutroom2!
  rake (~> 12.3)

BUNDLED WITH
   2.1.4
